GEM
  remote: https://rubygems.org/
  specs:
    coderay (1.1.3)
    date (3.2.0)
    method_source (1.0.0)
    mini_portile2 (2.6.1)
    nokogiri (1.12.5)
      mini_portile2 (~> 2.6.1)
      racc (~> 1.4)
    open-uri (0.2.0)
      stringio
      time
      uri
    pry (0.14.1)
      coderay (~> 1.1)
      method_source (~> 1.0)
    racc (1.6.0)
    stringio (3.0.0)
    time (0.2.0)
      date
    uri (0.10.1)

PLATFORMS
  ruby

DEPENDENCIES
  nokogiri
  open-uri
  pry

BUNDLED WITH
   2.0.1
